GEM
  remote: http://rubygems.org/
  specs:
    actionmailer (2.3.5)
      actionpack (= 2.3.5)
    actionpack (2.3.5)
      activesupport (= 2.3.5)
      rack (~> 1.0.0)
    activerecord (2.3.5)
      activesupport (= 2.3.5)
    activeresource (2.3.5)
      activesupport (= 2.3.5)
    activesupport (2.3.5)
    edavis10-object_daddy (0.4.3)
    i18n (0.4.2)
    mocha (0.9.12)
    nokogiri (1.4.4)
    rack (1.0.1)
    rails (2.3.5)
      actionmailer (= 2.3.5)
      actionpack (= 2.3.5)
      activerecord (= 2.3.5)
      activeresource (= 2.3.5)
      activesupport (= 2.3.5)
      rake (>= 0.8.3)
    rake (0.8.7)
    shoulda (2.10.3)

PLATFORMS
  ruby

DEPENDENCIES
  edavis10-object_daddy
  i18n (~> 0.4.2)
  mocha
  nokogiri (~> 1.4.3)
  rails (= 2.3.5)
  shoulda (~> 2.10.3)
